GEM
  remote: https://rubygems.org/
  specs:
    power_assert (1.1.1)
    sequel (4.48.0)
    sqlite3 (1.3.13-x86-mingw32)
    test-unit (3.2.6)
      power_assert

PLATFORMS
  ruby

DEPENDENCIES
  sequel
  sqlite3
  test-unit

BUNDLED WITH
   1.16.0
